GEM
  remote: https://rubygems.org/
  specs:
    byebug (3.4.1)
      columnize (~> 0.8)
      debugger-linecache (~> 1.2)
      slop (~> 3.6)
    columnize (0.8.9)
    debugger-linecache (1.2.0)
    rubywarrior (0.1.3)
    slop (3.6.0)

PLATFORMS
  ruby

DEPENDENCIES
  byebug
  rubywarrior
